PATH
  remote: .
  specs:
    psdb (0.5.6.x)
      ffi (~> 1.13.1)

GEM
  remote: https://rubygems.org/
  specs:
    coderay (1.1.3)
    ffi (1.13.1)
    method_source (1.0.0)
    pry (0.14.0)
      coderay (~> 1.1)
      method_source (~> 1.0)
    rake (10.5.0)

PLATFORMS
  x86_64-darwin-20

DEPENDENCIES
  bundler (~> 2.2.8)
  pry
  psdb!
  rake (~> 10.0)

BUNDLED WITH
   2.2.15
