PATH
  remote: .
  specs:
    psdb (0.1.0)
      daemons (~> 1.3.1)

GEM
  remote: https://rubygems.org/
  specs:
    daemons (1.3.1)
    rake (10.5.0)

PLATFORMS
  x86_64-darwin-20

DEPENDENCIES
  bundler (~> 2.2.8)
  psdb!
  rake (~> 10.0)

BUNDLED WITH
   2.2.8
